PATH
  remote: .
  specs:
    httmultiparty (0.3.6)
      httparty (>= 0.7.3)
      multipart-post

GEM
  remote: http://rubygems.org/
  specs:
    diff-lcs (1.1.3)
    fakeweb (1.3.0)
    httparty (0.8.1)
      multi_json
      multi_xml
    multi_json (1.2.0)
    multi_xml (0.4.2)
    multipart-post (1.1.5)
    rspec (2.9.0)
      rspec-core (~> 2.9.0)
      rspec-expectations (~> 2.9.0)
      rspec-mocks (~> 2.9.0)
    rspec-core (2.9.0)
    rspec-expectations (2.9.1)
      diff-lcs (~> 1.1.3)
    rspec-mocks (2.9.0)

PLATFORMS
  ruby

DEPENDENCIES
  fakeweb
  httmultiparty!
  rspec
